GEM
  remote: https://rubygems.org/
  specs:
    backports (3.6.4)
    erubis (2.7.0)
    escape_utils (1.1.0)
    haml (4.0.6)
      tilt
    json (1.8.2)
    multi_json (1.11.0)
    rack (1.6.1)
    rack-protection (1.5.3)
      rack
    rack-test (0.6.3)
      rack (>= 1.0)
    rufus-scheduler (3.1.2)
    sinatra (1.4.6)
      rack (~> 1.4)
      rack-protection (~> 1.4)
      tilt (>= 1.3, < 3)
    sinatra-contrib (1.4.2)
      backports (>= 2.0)
      multi_json
      rack-protection
      rack-test
      sinatra (~> 1.4.0)
      tilt (~> 1.3)
    sinatra-reloader (1.0)
      sinatra-contrib
    sinatra-simple-auth (0.5.1)
      sinatra (>= 1.1.0)
    slim (0.6.1)
      escape_utils
    tilt (1.3)

PLATFORMS
  ruby

DEPENDENCIES
  erubis (= 2.7.0)
  haml (= 4.0.6)
  json (= 1.8.2)
  rufus-scheduler (= 3.1.2)
  sinatra (= 1.4.6)
  sinatra-contrib (= 1.4.2)
  sinatra-reloader (= 1.0)
  sinatra-simple-auth (= 0.5.1)
  slim (= 0.6.1)
  tilt (= 1.3)
